GEM
  remote: http://rubygems.org/
  specs:
    chunky_png (1.2.8)
    cmdparse (2.0.5)
    compass (0.12.2)
      chunky_png (~> 1.2)
      fssm (>= 0.2.7)
      sass (~> 3.1)
    fssm (0.2.10)
    haml (4.0.3)
      tilt
    kramdown (1.1.0)
    mini_magick (3.6.0)
      subexec (~> 0.2.1)
    rmagick (2.13.2)
    sass (3.2.10)
    subexec (0.2.3)
    tilt (1.4.1)
    webgen (0.5.17)
      cmdparse (>= 2.0.2)
      kramdown (>= 0.12.0)

PLATFORMS
  ruby

DEPENDENCIES
  compass
  haml
  mini_magick
  rmagick
  webgen (~> 0.5.14)
